PATH
  remote: .
  specs:
    em-ucengine (0.2.0)
      em-eventsource (~> 0.1.0)
      em-http-request (= 1.0.0.beta4)
      eventmachine (= 1.0.0.beta3)
      multipart_body (~> 0.2)
      yajl-ruby (~> 0.8)

GEM
  remote: http://rubygems.org/
  specs:
    addressable (2.2.6)
    em-eventsource (0.1.2)
      em-http-request (~> 1.0.0.beta4)
      eventmachine (~> 1.0.0.beta3)
    em-http-request (1.0.0.beta.4)
      addressable (>= 2.2.3)
      em-socksify
      eventmachine (>= 1.0.0.beta.3)
      http_parser.rb (>= 0.5.1)
    em-socksify (0.1.0)
      eventmachine
    eventmachine (1.0.0.beta.3)
    http_parser.rb (0.5.1)
    minitest (2.3.1)
    multipart_body (0.2.1)
    rake (0.9.2)
    yajl-ruby (0.8.2)

PLATFORMS
  ruby

DEPENDENCIES
  bundler
  em-ucengine!
  minitest (~> 2.0)
  rake
